GEM
  remote: http://rubygems.org/
  remote: http://rubygems.org/
  specs:
    addressable (2.2.7)
    childprocess (0.3.1)
      ffi (~> 1.0.6)
    coffee-script (2.2.0)
      coffee-script-source
      execjs
    coffee-script-source (1.2.0)
    diff-lcs (1.1.3)
    em-websocket (0.3.6)
      addressable (>= 2.1.1)
      eventmachine (>= 0.12.9)
    eventmachine (0.12.10)
    execjs (1.3.0)
      multi_json (~> 1.0)
    ffi (1.0.11)
    guard (1.0.1)
      ffi (>= 0.5.0)
      thor (~> 0.14.6)
    guard-coffeescript (0.5.6)
      coffee-script (>= 2.2.0)
      guard (>= 0.8.3)
    guard-livereload (0.4.2)
      em-websocket (>= 0.2.0)
      guard (>= 0.10.0)
      multi_json (~> 1.0)
    jasmine (1.1.2)
      jasmine-core (>= 1.1.0)
      rack (>= 1.1)
      rspec (>= 1.3.1)
      selenium-webdriver (>= 0.1.3)
    jasmine-core (1.1.0)
    multi_json (1.2.0)
    rack (1.4.1)
    rake (0.9.2.2)
    rspec (2.9.0)
      rspec-core (~> 2.9.0)
      rspec-expectations (~> 2.9.0)
      rspec-mocks (~> 2.9.0)
    rspec-core (2.9.0)
    rspec-expectations (2.9.0)
      diff-lcs (~> 1.1.3)
    rspec-mocks (2.9.0)
    rubyzip (0.9.6.1)
    selenium-webdriver (2.20.0)
      childprocess (>= 0.2.5)
      ffi (~> 1.0)
      multi_json (~> 1.0)
      rubyzip
    thor (0.14.6)

PLATFORMS
  ruby

DEPENDENCIES
  guard-coffeescript
  guard-livereload
  jasmine
  rake
